GEM
  remote: http://rubygems.org/
  specs:
    RedCloth (4.2.9)
    blankslate (2.1.2.4)
    chunky_png (1.2.6)
    coderay (1.0.7)
    compass (0.12.2)
      chunky_png (~> 1.2)
      fssm (>= 0.2.7)
      sass (~> 3.1)
    ffi (1.0.11)
    fssm (0.2.9)
    haml (3.1.6)
    maruku (0.6.0)
      syntax (>= 1.0.0)
    nesta (0.9.13)
      RedCloth (~> 4.2)
      haml (~> 3.1)
      rack (~> 1.1)
      rdiscount (~> 1.6)
      sass (~> 3.1)
      shotgun (>= 0.8)
      sinatra (~> 1.3)
    nokogiri (1.5.5)
    plist (3.1.0)
    rack (1.4.1)
    rack-codehighlighter (0.5.0)
      nokogiri (>= 1.4.1)
      rack (>= 1.0.0)
    rack-protection (1.2.0)
      rack
    rdiscount (1.6.8)
    redcarpet (2.1.1)
    rubypython (0.5.3)
      blankslate (>= 2.1.2.3)
      ffi (~> 1.0.7)
    sass (3.1.20)
    sassy-math (1.2)
      compass (~> 0.11)
    shotgun (0.9)
      rack (>= 1.0)
    sinatra (1.3.2)
      rack (~> 1.3, >= 1.3.6)
      rack-protection (~> 1.2)
      tilt (~> 1.3, >= 1.3.3)
    syntax (1.0.0)
    textpow (1.3.0)
      plist (>= 3.0.1)
    tilt (1.3.3)
    ultraviolet (1.0.0)
      textpow (>= 1.3.0)
    will_paginate (3.0.3)

PLATFORMS
  ruby

DEPENDENCIES
  coderay
  maruku
  nesta (= 0.9.13)
  nokogiri
  rack-codehighlighter
  redcarpet
  rubypython
  sassy-math
  textpow
  ultraviolet
  will_paginate
